GEM
  remote: https://rubygems.org/
  specs:
    json (1.8.1)
    kramdown (1.3.1)
    rack (1.5.2)
    rack-protection (1.5.3)
      rack
    sinatra (1.4.5)
      rack (~> 1.4)
      rack-protection (~> 1.4)
      tilt (~> 1.3, >= 1.3.4)
    sinatra-docdsl (0.8.3)
      kramdown
    tilt (1.4.1)

PLATFORMS
  ruby

DEPENDENCIES
  json
  sinatra
  sinatra-docdsl
